{
	"Modality": "MR",
	"MagneticFieldStrength": 3,
	"ImagingFrequency": 123.256,
	"Manufacturer": "Siemens",
	"ManufacturersModelName": "Prisma",
	"SeriesInstanceUID": "1.3.12.2.1107.5.2.43.66097.30000019031211004807900001190",
	"StudyInstanceUID": "1.3.12.2.1107.5.2.43.66097.30000019031211004807900000001",
	"PatientName": "IBEAT_REP_001_02",
	"PatientID": "Anonymous",
	"PatientSex": "O",
	"BodyPartExamined": "KIDNEY",
	"PatientPosition": "FFS",
	"ProcedureStepDescription": "Abdominal^SS BEAT Kidney",
	"SoftwareVersions": "syngo MR E11",
	"MRAcquisitionType": "2D",
	"ProtocolName": "T1w_kidneys_cor-oblique_mbh",
	"ScanningSequence": "GR",
	"SequenceVariant": "SP",
	"ScanOptions": "PFP",
	"SequenceName": "*fl2d1",
	"ImageType": ["ORIGINAL", "PRIMARY", "M", "NORM", "DIS2D"],
	"SeriesNumber": 20,
	"AcquisitionTime": "10:10:57.750000",
	"AcquisitionDateTime": "2019-03-12T10:10:57.750000",
	"AcquisitionNumber": 1,
	"SliceThickness": 2.5,
	"SpacingBetweenSlices": 3.5,
	"SAR": 1.5818,
	"EchoTime": 0.00492,
	"RepetitionTime": 0.148,
	"FlipAngle": 70,
	"PartialFourier": 0.75,
	"Interpolation2D": 1,
	"BaseResolution": 256,
	"ShimSetting": [
		-863,
		-7875,
		-8026,
		48,
		237,
		-279,
		44,
		57	],
	"TxRefAmp": 581.222,
	"PhaseResolution": 1,
	"ReceiveCoilName": "Spine_32",
	"ReceiveCoilActiveElements": "BO1-3;SP6-8",
	"PulseSequenceDetails": "%SiemensSeq%\\gre",
	"RefLinesPE": 24,
	"ConsistencyInfo": "N4_VE11C_LATEST_20160120",
	"PercentPhaseFOV": 100,
	"PercentSampling": 100,
	"PhaseEncodingSteps": 192,
	"AcquisitionMatrixPE": 256,
	"ReconMatrixPE": 512,
	"ParallelReductionFactorInPlane": 2,
	"PixelBandwidth": 750,
	"DwellTime": 2.6e-06,
	"PhaseEncodingDirection": "i",
	"SliceTiming": [
		0.07813,
		0,
		0.08594,
		0.00781,
		0.09375,
		0.01563,
		0.10156,
		0.02344,
		0.10938,
		0.03125,
		0.11719,
		0.03906,
		0.125,
		0.04688,
		0.13281,
		0.05469,
		0.14063,
		0.0625,
		0.14844,
		0.07031	],
	"ImageOrientationPatientDICOM": [
		0.999701,
		0.0244322,
		-2.18686e-10,
		0.00327358,
		-0.133946,
		-0.990983	],
	"InPlanePhaseEncodingDirectionDICOM": "ROW",
	"ConversionSoftware": "dcm2niix",
	"ConversionSoftwareVersion": "v1.0.20210317"
}
